PATH
  remote: .
  specs:
    dns_diff (0.1.0)
      colorize (>= 0.8.1)
      thor (>= 1.0.1)

GEM
  remote: https://rubygems.org/
  specs:
    colorize (0.8.1)
    minitest (5.14.4)
    rake (12.3.3)
    thor (1.1.0)

PLATFORMS
  ruby

DEPENDENCIES
  dns_diff!
  minitest (~> 5.0)
  rake (~> 12.0)

BUNDLED WITH
   2.1.4
